GIT
  remote: https://github.com/igrigorik/em-http-request.git
  revision: 1b4e646c65ad33b9a04e18f6bc0fa0c2e54e81f2
  specs:
    em-http-request (1.0.0.beta.4)
      addressable (>= 2.2.3)
      em-socksify
      eventmachine (>= 1.0.0.beta.3)
      http_parser.rb (>= 0.5.1)

GIT
  remote: https://github.com/igrigorik/em-synchrony.git
  revision: 81af523ebad26a6cff2eb2842a4a1691c0c49374
  specs:
    em-synchrony (0.3.0.beta.1)
      eventmachine (>= 1.0.0.beta.1)

GIT
  remote: https://github.com/postrank-labs/goliath.git
  revision: 3beab0f1e113f9d590d5c3d5dd6a1158a4756dba
  specs:
    goliath (0.9.2)
      async-rack
      em-synchrony (>= 0.3.0.beta.1)
      eventmachine (>= 1.0.0.beta.3)
      http_parser.rb
      http_router (~> 0.9.0)
      log4r
      multi_json
      rack (>= 1.2.2)
      rack-contrib
      rack-respond_to

GEM
  remote: http://rubygems.org/
  specs:
    addressable (2.2.6)
    amqp (0.7.3)
      eventmachine
    async-rack (0.5.1)
      rack (~> 1.1)
    bluecloth (2.1.0)
    bson (1.3.1)
    bson_ext (1.3.1)
    diff-lcs (1.1.2)
    em-mongo (0.4.0)
      bson (>= 1.1.3)
      bson_ext (>= 1.1.3)
      eventmachine (>= 0.12.10)
    em-socksify (0.1.0)
      eventmachine
    eventmachine (1.0.0.beta.3)
    git (1.2.5)
    gorillib (0.0.8)
    http_parser.rb (0.5.1)
    http_router (0.9.1)
      rack (>= 1.0.0)
      url_mount (~> 0.2.1)
    jeweler (1.5.2)
      bundler (~> 1.0.0)
      git (>= 1.2.5)
      rake
    log4r (1.1.9)
    multi_json (1.0.3)
    multipart_body (0.2.1)
    nokogiri (1.5.0)
    rack (1.3.1)
    rack-abstract-format (0.9.9)
    rack-accept-media-types (0.9)
    rack-contrib (1.1.0)
      rack (>= 0.9.1)
    rack-respond_to (0.9.8)
      rack-accept-media-types (>= 0.6)
    rack-rewrite (1.0.2)
    rake (0.9.2)
    rcov (0.9.9)
    rspec (2.5.0)
      rspec-core (~> 2.5.0)
      rspec-expectations (~> 2.5.0)
      rspec-mocks (~> 2.5.0)
    rspec-core (2.5.2)
    rspec-expectations (2.5.0)
      diff-lcs (~> 1.1.2)
    rspec-mocks (2.5.0)
    spork (0.9.0.rc9)
    url_mount (0.2.1)
      rack
    yajl-ruby (0.8.2)
    yard (0.6.8)

PLATFORMS
  ruby

DEPENDENCIES
  amqp
  bluecloth
  bundler (~> 1.0.12)
  em-http-request!
  em-mongo
  em-synchrony!
  goliath!
  gorillib (~> 0.0.4)
  jeweler (~> 1.5.2)
  multipart_body
  nokogiri
  rack-abstract-format
  rack-respond_to
  rack-rewrite
  rcov
  rspec (~> 2.5.0)
  spork (~> 0.9.0.rc5)
  yajl-ruby (~> 0.8.2)
  yard (~> 0.6.7)
