GEM
  remote: http://rubygems.org/
  specs:
    addressable (2.2.5)
    async-rack (0.5.1)
      rack (~> 1.1)
    awesome_print (0.3.2)
    diff-lcs (1.1.2)
    em-http-request (0.3.0)
      addressable (>= 2.0.0)
      escape_utils
      eventmachine (>= 0.12.9)
    em-synchrony (0.3.0.beta.1)
      eventmachine (>= 1.0.0.beta.1)
    escape_utils (0.2.3)
    eventmachine (1.0.0.beta.3)
    git (1.2.5)
    goliath (0.9.1)
      async-rack
      em-synchrony (>= 0.3.0.beta.1)
      eventmachine (>= 1.0.0.beta.1)
      http_parser.rb
      log4r
      multi_json
      rack (>= 1.2.2)
      rack-contrib
      rack-respond_to
    http_parser.rb (0.5.1)
    jeweler (1.5.2)
      bundler (~> 1.0.0)
      git (>= 1.2.5)
      rake
    log4r (1.1.9)
    looksee (1.0.2)
    multi_json (0.0.5)
    rack (1.2.2)
    rack-accept-media-types (0.9)
    rack-contrib (1.1.0)
      rack (>= 0.9.1)
    rack-respond_to (0.9.8)
      rack-accept-media-types (>= 0.6)
    rake (0.8.7)
    rcov (0.9.9)
    rspec (2.5.0)
      rspec-core (~> 2.5.0)
      rspec-expectations (~> 2.5.0)
      rspec-mocks (~> 2.5.0)
    rspec-core (2.5.1)
    rspec-expectations (2.5.0)
      diff-lcs (~> 1.1.2)
    rspec-mocks (2.5.0)
    wirble (0.1.3)
    yard (0.6.7)

PLATFORMS
  ruby

DEPENDENCIES
  awesome_print
  bundler (~> 1.0)
  em-http-request
  em-synchrony
  goliath (~> 0.9.1)
  jeweler (~> 1.5)
  looksee
  rcov
  rspec (~> 2.5)
  wirble
  yard (~> 0.6)
